PATH
  remote: .
  specs:
    setka_integration (0.2.0)
      activesupport (>= 3.0)

GEM
  remote: https://rubygems.org/
  specs:
    activesupport (6.1.4)
      concurrent-ruby (~> 1.0, >= 1.0.2)
      i18n (>= 1.6, < 2)
      minitest (>= 5.1)
      tzinfo (~> 2.0)
      zeitwerk (~> 2.3)
    addressable (2.7.0)
      public_suffix (>= 2.0.2, < 5.0)
    bundler-audit (0.8.0)
      bundler (>= 1.2.0, < 3)
      thor (~> 1.0)
    byebug (11.1.3)
    coderay (1.1.3)
    concurrent-ruby (1.1.9)
    crack (0.4.5)
      rexml
    diff-lcs (1.4.4)
    hashdiff (1.0.1)
    i18n (1.8.10)
      concurrent-ruby (~> 1.0)
    method_source (1.0.0)
    minitest (5.14.4)
    pry (0.13.1)
      coderay (~> 1.1)
      method_source (~> 1.0)
    pry-byebug (3.9.0)
      byebug (~> 11.0)
      pry (~> 0.13.0)
    public_suffix (4.0.6)
    rake (13.0.4)
    rexml (3.2.5)
    rspec (3.10.0)
      rspec-core (~> 3.10.0)
      rspec-expectations (~> 3.10.0)
      rspec-mocks (~> 3.10.0)
    rspec-core (3.10.1)
      rspec-support (~> 3.10.0)
    rspec-expectations (3.10.1)
      diff-lcs (>= 1.2.0, < 2.0)
      rspec-support (~> 3.10.0)
    rspec-mocks (3.10.2)
      diff-lcs (>= 1.2.0, < 2.0)
      rspec-support (~> 3.10.0)
    rspec-support (3.10.2)
    thor (1.1.0)
    tzinfo (2.0.4)
      concurrent-ruby (~> 1.0)
    vcr (6.0.0)
    webmock (3.13.0)
      addressable (>= 2.3.6)
      crack (>= 0.3.2)
      hashdiff (>= 0.4.0, < 2.0.0)
    zeitwerk (2.4.2)

PLATFORMS
  ruby

DEPENDENCIES
  bundler (~> 2.1.4)
  bundler-audit
  pry-byebug
  rake (~> 13.0)
  rspec (~> 3.0)
  setka_integration!
  vcr
  webmock

BUNDLED WITH
   2.1.4
